GEM
  remote: http://rubygems.org/
  specs:
    addressable (2.3.5)
    bson (1.9.2)
    bson_ext (1.9.2)
      bson (~> 1.9.2)
    json (1.8.0)
    mongo (1.9.2)
      bson (~> 1.9.2)
    net-http-persistent (2.9)
    rack (1.5.2)
    rack-protection (1.5.0)
      rack
    rack-wwwhisper (1.1.7)
      addressable (~> 2.0)
      net-http-persistent
      rack (~> 1.0)
    sinatra (1.4.3)
      rack (~> 1.4)
      rack-protection (~> 1.4)
      tilt (~> 1.3, >= 1.3.4)
    tilt (1.4.1)

PLATFORMS
  ruby

DEPENDENCIES
  bson_ext
  json
  mongo
  rack-wwwhisper (~> 1.0)
  sinatra
